GEM
  remote: http://rubygems.org/
  specs:
    highline (1.6.2)
    ruby-mp3info (0.6.13)

PLATFORMS
  ruby

DEPENDENCIES
  highline
  ruby-mp3info
